GIT
  remote: https://github.com/guilleiguaran/nancy.git
  revision: b3d9e74edee49298a17f360a4567d90c63ad0c55
  branch: master
  specs:
    nancy (0.4.0)
      rack

GIT
  remote: https://github.com/luislavena/brooklyn.git
  revision: 3698aae362d68da77dd23ccf91a68ea022b48381
  branch: master
  specs:
    brooklyn (0.0.1)
      rack (>= 1.5.2, < 2.0)

GEM
  remote: https://rubygems.org/
  specs:
    actionpack (4.2.5)
      actionview (= 4.2.5)
      activesupport (= 4.2.5)
      rack (~> 1.6)
      rack-test (~> 0.6.2)
      rails-dom-testing (~> 1.0, >= 1.0.5)
      rails-html-sanitizer (~> 1.0, >= 1.0.2)
    actionview (4.2.5)
      activesupport (= 4.2.5)
      builder (~> 3.1)
      erubis (~> 2.7.0)
      rails-dom-testing (~> 1.0, >= 1.0.5)
      rails-html-sanitizer (~> 1.0, >= 1.0.2)
    activesupport (4.2.5)
      i18n (~> 0.7)
      json (~> 1.7, >= 1.7.7)
      minitest (~> 5.1)
      thread_safe (~> 0.3, >= 0.3.4)
      tzinfo (~> 1.1)
    allocation_stats (0.1.5)
    blankslate (3.1.3)
    builder (3.2.2)
    cuba (3.4.0)
      rack
    erubis (2.7.0)
    gin (1.2.1)
      rack (~> 1.1)
      rack-protection (~> 1.0)
      tilt (~> 1.4)
    hobbit (0.6.0)
      rack
    http_router (0.11.2)
      rack (>= 1.0.0)
      url_mount (~> 0.2.1)
    i18n (0.7.0)
    innate (2015.10.28)
      rack (~> 1.6.4)
    json (1.8.3)
    loofah (2.0.3)
      nokogiri (>= 1.5.9)
    lotus-router (0.4.3)
      http_router (~> 0.11)
      lotus-utils (~> 0.5, >= 0.5.1)
    lotus-utils (0.5.2)
    mini_portile2 (2.0.0)
    minitest (5.8.3)
    mustermann (0.4.0)
      tool (~> 0.2)
    mustermann-simple (0.4.0)
      mustermann (= 0.4.0)
    nokogiri (1.6.7)
      mini_portile2 (~> 2.0.0.rc2)
    nyny (2.2.1)
      rack
      tilt
    parslet (1.7.1)
      blankslate (>= 2.0, <= 4.0)
    puma (2.15.3)
    rack (1.6.4)
    rack-accept (0.4.5)
      rack (>= 0.4)
    rack-protection (1.5.3)
      rack
    rack-test (0.6.3)
      rack (>= 1.0)
    rails-deprecated_sanitizer (1.0.3)
      activesupport (>= 4.2.0.alpha)
    rails-dom-testing (1.0.7)
      activesupport (>= 4.2.0.beta, < 5.0)
      nokogiri (~> 1.6.0)
      rails-deprecated_sanitizer (>= 1.0.1)
    rails-html-sanitizer (1.0.2)
      loofah (~> 2.0)
    railties (4.2.5)
      actionpack (= 4.2.5)
      activesupport (= 4.2.5)
      rake (>= 0.8.7)
      thor (>= 0.18.1, < 2.0)
    rake (10.4.2)
    ramaze (2012.12.08)
      innate (>= 2012.12)
      rake
    rambutan (0.0.1)
      http_router
    roda (2.8.0)
      rack
    scorched (0.24)
      rack (~> 1.4)
      rack-accept (~> 0.4)
      scorched-accept (~> 0.1)
      tilt (~> 1.4)
    scorched-accept (0.1)
      parslet (~> 1.7)
    sinatra (1.4.6)
      rack (~> 1.4)
      rack-protection (~> 1.4)
      tilt (>= 1.3, < 3)
    thor (0.19.1)
    thread_safe (0.3.5)
    tilt (1.4.1)
    tool (0.2.3)
    tzinfo (1.2.2)
      thread_safe (~> 0.1)
    url_mount (0.2.1)
      rack

PLATFORMS
  ruby

DEPENDENCIES
  actionpack (~> 4.2)
  allocation_stats
  brooklyn!
  cuba
  gin
  hobbit
  lotus-router
  mustermann-simple
  nancy!
  nyny
  puma (~> 2.15)
  railties (~> 4.2)
  ramaze
  rambutan
  roda
  scorched
  sinatra
  tzinfo

BUNDLED WITH
   1.10.6
