GIT
  remote: https://github.com/Wardrop/Scorched
  revision: a5fbfb9f075f7cffbb025fd20607003a282d3947
  branch: master
  specs:
    scorched (0.18)
      rack (~> 1.4)
      rack-accept (~> 0.4)
      tilt (~> 1.4)

GIT
  remote: https://github.com/alisnic/nyny
  revision: a862e69dca99ddf6e0fd1eea6836a8bdba7196d4
  branch: master
  specs:
    nyny (2.1.1)
      rack

GIT
  remote: https://github.com/luislavena/brooklyn
  revision: 32a79997ab71c53517ba729649fabbd46bc0cee0
  branch: master
  specs:
    brooklyn (0.0.1)
      rack (~> 1.5.2)

GIT
  remote: https://github.com/patriciomacadden/hobbit
  revision: 07c5bc6820b09f75d9257faa7c3b2de28c2e0d08
  branch: master
  specs:
    hobbit (0.2.1)
      rack

GEM
  remote: https://rubygems.org/
  specs:
    cuba (3.1.0)
      rack
    innate (2013.02.21)
      rack (~> 1.5.2)
    nancy (0.3.0)
      rack
      tilt
    puma (2.6.0)
      rack (>= 1.1, < 2.0)
    rack (1.5.2)
    rack-accept (0.4.5)
      rack (>= 0.4)
    rack-protection (1.5.1)
      rack
    rake (10.1.0)
    ramaze (2012.12.08)
      innate (>= 2012.12)
      rake
    sinatra (1.4.4)
      rack (~> 1.4)
      rack-protection (~> 1.4)
      tilt (~> 1.3, >= 1.3.4)
    tilt (1.4.1)

PLATFORMS
  ruby

DEPENDENCIES
  brooklyn!
  cuba
  hobbit!
  nancy
  nyny!
  puma (~> 2.6.0)
  ramaze
  scorched!
  sinatra
