GEM
  remote: https://rubygems.org/
  specs:
    puma (2.5.1)
      rack (>= 1.1, < 2.0)
    rack (1.5.2)

PLATFORMS
  ruby

DEPENDENCIES
  puma (~> 2.5.1)
