GIT
  remote: https://github.com/Wardrop/Scorched
  revision: a5fbfb9f075f7cffbb025fd20607003a282d3947
  branch: master
  specs:
    scorched (0.18)
      rack (~> 1.4)
      rack-accept (~> 0.4)
      tilt (~> 1.4)

GIT
  remote: https://github.com/alisnic/nyny
  revision: a862e69dca99ddf6e0fd1eea6836a8bdba7196d4
  branch: master
  specs:
    nyny (2.1.1)
      rack

GIT
  remote: https://github.com/luislavena/brooklyn
  revision: 691c71e3058aaa336e21f84cfcaf581b95375b17
  branch: master
  specs:
    brooklyn (0.0.1)
      rack (~> 1.5.2)

GIT
  remote: https://github.com/patriciomacadden/hobbit
  revision: 07c5bc6820b09f75d9257faa7c3b2de28c2e0d08
  branch: master
  specs:
    hobbit (0.2.1)
      rack

GEM
  remote: https://rubygems.org/
  specs:
    actionpack (4.0.1)
      activesupport (= 4.0.1)
      builder (~> 3.1.0)
      erubis (~> 2.7.0)
      rack (~> 1.5.2)
      rack-test (~> 0.6.2)
    activesupport (4.0.1)
      i18n (~> 0.6, >= 0.6.4)
      minitest (~> 4.2)
      multi_json (~> 1.3)
      thread_safe (~> 0.1)
      tzinfo (~> 0.3.37)
    atomic (1.1.14)
    builder (3.1.4)
    cuba (3.1.0)
      rack
    erubis (2.7.0)
    http_router (0.11.0)
      rack (>= 1.0.0)
      url_mount (~> 0.2.1)
    i18n (0.6.5)
    innate (2013.02.21)
      rack (~> 1.5.2)
    minitest (4.7.5)
    multi_json (1.8.2)
    nancy (0.3.0)
      rack
      tilt
    puma (2.6.0)
      rack (>= 1.1, < 2.0)
    rack (1.5.2)
    rack-accept (0.4.5)
      rack (>= 0.4)
    rack-protection (1.5.1)
      rack
    rack-test (0.6.2)
      rack (>= 1.0)
    railties (4.0.1)
      actionpack (= 4.0.1)
      activesupport (= 4.0.1)
      rake (>= 0.8.7)
      thor (>= 0.18.1, < 2.0)
    rake (10.1.0)
    ramaze (2012.12.08)
      innate (>= 2012.12)
      rake
    rambutan (0.0.1)
      http_router
    sinatra (1.4.4)
      rack (~> 1.4)
      rack-protection (~> 1.4)
      tilt (~> 1.3, >= 1.3.4)
    thor (0.18.1)
    thread_safe (0.1.3)
      atomic
    tilt (1.4.1)
    tzinfo (0.3.38)
    url_mount (0.2.1)
      rack

PLATFORMS
  ruby

DEPENDENCIES
  actionpack (~> 4.0)
  brooklyn!
  cuba
  hobbit!
  nancy
  nyny!
  puma (~> 2.6.0)
  railties (~> 4.0)
  ramaze
  rambutan
  scorched!
  sinatra
  tzinfo
