GIT
  remote: https://github.com/Wardrop/Scorched.git
  revision: 63ecd6e9740b51619f948ae565243c3bbd12b0f6
  branch: master
  specs:
    scorched (0.22)
      rack (~> 1.4)
      rack-accept (~> 0.4)
      tilt (~> 1.4)

GIT
  remote: https://github.com/guilleiguaran/nancy.git
  revision: b3d9e74edee49298a17f360a4567d90c63ad0c55
  branch: master
  specs:
    nancy (0.4.0)
      rack

GIT
  remote: https://github.com/jeremyevans/roda.git
  revision: 61696b5cad6285b8e3f57927b906d38a215d1550
  branch: master
  specs:
    roda (0.9.0)
      rack

GIT
  remote: https://github.com/lotus/router.git
  revision: 5ddb5e327c6f7c48e1e57be92da579aa39245ab4
  branch: master
  specs:
    lotus-router (0.1.0)
      http_router (~> 0)
      lotus-utils (~> 0)

GIT
  remote: https://github.com/luislavena/brooklyn.git
  revision: 691c71e3058aaa336e21f84cfcaf581b95375b17
  branch: master
  specs:
    brooklyn (0.0.1)
      rack (~> 1.5.2)

GIT
  remote: https://github.com/patriciomacadden/hobbit.git
  revision: 61e1aca871d0c1eb4d4a7d63852e5cb2c18a5680
  branch: master
  specs:
    hobbit (0.5.0)
      rack

GIT
  remote: https://github.com/rkh/mustermann.git
  revision: b184b1f86a0085b0ef106a03aa852e91c47c5a5e
  branch: master
  specs:
    mustermann (0.2.0)
      tool (~> 0.2)

GEM
  remote: https://rubygems.org/
  specs:
    actionpack (4.0.4)
      activesupport (= 4.0.4)
      builder (~> 3.1.0)
      erubis (~> 2.7.0)
      rack (~> 1.5.2)
      rack-test (~> 0.6.2)
    activesupport (4.0.4)
      i18n (~> 0.6, >= 0.6.9)
      minitest (~> 4.2)
      multi_json (~> 1.3)
      thread_safe (~> 0.1)
      tzinfo (~> 0.3.37)
    allocation_stats (0.1.4)
    better_errors (1.1.0)
      coderay (>= 1.0.0)
      erubis (>= 2.6.6)
    builder (3.1.4)
    coderay (1.1.0)
    cuba (3.1.1)
      rack
    erubis (2.7.0)
    http_router (0.11.1)
      rack (>= 1.0.0)
      url_mount (~> 0.2.1)
    i18n (0.6.9)
    innate (2013.02.21)
      rack (~> 1.5.2)
    lotus-utils (0.1.0)
    minitest (4.7.5)
    multi_json (1.9.2)
    nyny (3.4.0)
      actionpack (~> 4.0.2)
      better_errors (~> 1.1.0)
      rack-contrib (~> 1.1.0)
      tilt (~> 1.4.1)
    puma (2.9.0)
      rack (>= 1.1, < 2.0)
    rack (1.5.2)
    rack-accept (0.4.5)
      rack (>= 0.4)
    rack-contrib (1.1.0)
      rack (>= 0.9.1)
    rack-protection (1.5.3)
      rack
    rack-test (0.6.2)
      rack (>= 1.0)
    railties (4.0.4)
      actionpack (= 4.0.4)
      activesupport (= 4.0.4)
      rake (>= 0.8.7)
      thor (>= 0.18.1, < 2.0)
    rake (10.3.1)
    ramaze (2012.12.08)
      innate (>= 2012.12)
      rake
    rambutan (0.0.1)
      http_router
    sinatra (1.4.5)
      rack (~> 1.4)
      rack-protection (~> 1.4)
      tilt (~> 1.3, >= 1.3.4)
    thor (0.19.1)
    thread_safe (0.3.3)
    tilt (1.4.1)
    tool (0.2.2)
    tzinfo (0.3.39)
    url_mount (0.2.1)
      rack

PLATFORMS
  ruby

DEPENDENCIES
  actionpack (~> 4.0.4)
  allocation_stats
  brooklyn!
  cuba
  hobbit!
  lotus-router!
  mustermann!
  nancy!
  nyny
  puma (~> 2.9)
  railties (~> 4.0.4)
  ramaze
  rambutan
  roda!
  scorched!
  sinatra
  tzinfo
