GIT
  remote: git://github.com/alisnic/nyny.git
  revision: a94079454e6d5baa3b54cc5f090ec77bfa06172c
  branch: master
  specs:
    nyny (1.0.1)

GIT
  remote: git://github.com/patriciomacadden/hobbit.git
  revision: 20a743eba856f424cc4a75dd76e5f10719901354
  branch: master
  specs:
    hobbit (0.1.0)
      rack

GEM
  remote: https://rubygems.org/
  specs:
    cuba (3.1.0)
      rack
    puma (2.5.1)
      rack (>= 1.1, < 2.0)
    rack (1.5.2)
    rack-protection (1.5.0)
      rack
    sinatra (1.4.3)
      rack (~> 1.4)
      rack-protection (~> 1.4)
      tilt (~> 1.3, >= 1.3.4)
    tilt (1.4.1)

PLATFORMS
  ruby

DEPENDENCIES
  cuba (~> 3.1.0)
  hobbit!
  nyny!
  puma (~> 2.5.1)
  sinatra (~> 1.4.3)
