GIT
  remote: git://github.com/Wardrop/Scorched.git
  revision: a5fbfb9f075f7cffbb025fd20607003a282d3947
  specs:
    scorched (0.18)
      rack (~> 1.4)
      rack-accept (~> 0.4)
      tilt (~> 1.4)

GIT
  remote: git://github.com/alisnic/nyny.git
  revision: a862e69dca99ddf6e0fd1eea6836a8bdba7196d4
  branch: master
  specs:
    nyny (2.1.1)
      rack

GIT
  remote: git://github.com/patriciomacadden/hobbit.git
  revision: 07c5bc6820b09f75d9257faa7c3b2de28c2e0d08
  branch: master
  specs:
    hobbit (0.2.1)
      rack

GEM
  remote: https://rubygems.org/
  specs:
    cuba (3.1.0)
      rack
    puma (2.6.0)
      rack (>= 1.1, < 2.0)
    puma (2.6.0-java)
      rack (>= 1.1, < 2.0)
    rack (1.5.2)
    rack-accept (0.4.5)
      rack (>= 0.4)
    rack-protection (1.5.1)
      rack
    sinatra (1.4.4)
      rack (~> 1.4)
      rack-protection (~> 1.4)
      tilt (~> 1.3, >= 1.3.4)
    tilt (1.4.1)

PLATFORMS
  ruby

DEPENDENCIES
  cuba
  hobbit!
  nyny!
  puma (~> 2.6.0)
  scorched!
  sinatra
