GIT
  remote: git://github.com/alisnic/nyny.git
  revision: a65c78931c680420ca8fd5233facf7e3db94eb17
  branch: master
  specs:
    nyny (1.0.1)

GIT
  remote: git://github.com/patriciomacadden/hobbit.git
  revision: 9aeb76231fe632e2f2bbc25ede0cb72d985336c8
  branch: master
  specs:
    hobbit (0.1.0)
      rack

GEM
  remote: https://rubygems.org/
  specs:
    cuba (3.1.0)
      rack
    puma (2.6.0)
      rack (>= 1.1, < 2.0)
    rack (1.5.2)
    rack-protection (1.5.0)
      rack
    sinatra (1.4.3)
      rack (~> 1.4)
      rack-protection (~> 1.4)
      tilt (~> 1.3, >= 1.3.4)
    tilt (1.4.1)

PLATFORMS
  ruby

DEPENDENCIES
  cuba (~> 3.1.0)
  hobbit!
  nyny!
  puma (~> 2.6.0)
  sinatra (~> 1.4.3)
